PATH
  remote: .
  specs:
    disqussion (0.0.2)
      faraday (~> 0.6.1)
      faraday_middleware (~> 0.6.3)
      hashie (~> 1.0.0)
      multi_json (~> 1.0.0)
      rash (~> 0.3.0)

GEM
  remote: http://rubygems.org/
  specs:
    ZenTest (4.5.0)
    addressable (2.2.5)
    archive-tar-minitar (0.5.2)
    columnize (0.3.2)
    crack (0.1.8)
    diff-lcs (1.1.2)
    faraday (0.6.1)
      addressable (~> 2.2.4)
      multipart-post (~> 1.1.0)
      rack (< 2, >= 1.1.0)
    faraday_middleware (0.6.3)
      faraday (~> 0.6.0)
    hashie (1.0.0)
    json (1.5.1)
    linecache19 (0.5.12)
      ruby_core_source (>= 0.1.4)
    maruku (0.6.0)
      syntax (>= 1.0.0)
    multi_json (1.0.2)
    multipart-post (1.1.1)
    nokogiri (1.4.4)
    rack (1.2.2)
    rake (0.8.7)
    rash (0.3.0)
      hashie (~> 1.0.0)
    rspec (2.5.0)
      rspec-core (~> 2.5.0)
      rspec-expectations (~> 2.5.0)
      rspec-mocks (~> 2.5.0)
    rspec-core (2.5.2)
    rspec-expectations (2.5.0)
      diff-lcs (~> 1.1.2)
    rspec-mocks (2.5.0)
    ruby-debug-base19 (0.11.25)
      columnize (>= 0.3.1)
      linecache19 (>= 0.5.11)
      ruby_core_source (>= 0.1.4)
    ruby-debug19 (0.11.6)
      columnize (>= 0.3.1)
      linecache19 (>= 0.5.11)
      ruby-debug-base19 (>= 0.11.19)
    ruby_core_source (0.1.5)
      archive-tar-minitar (>= 0.5.2)
    simplecov (0.4.2)
      simplecov-html (~> 0.4.4)
    simplecov-html (0.4.4)
    syntax (1.0.0)
    webmock (1.6.2)
      addressable (>= 2.2.2)
      crack (>= 0.1.7)
    yard (0.6.8)

PLATFORMS
  ruby

DEPENDENCIES
  ZenTest (~> 4.5)
  disqussion!
  json (~> 1.5)
  maruku (~> 0.6)
  nokogiri (~> 1.4)
  rake (~> 0.8)
  rspec (~> 2.5)
  ruby-debug19
  simplecov (~> 0.4)
  webmock (~> 1.6)
  yard (~> 0.6)
